GEM
  remote: https://rubygems.org/
  specs:
    byebug (8.0.0)
    ciika (0.1.0)
      nokogiri
      thor
    coderay (1.1.0)
    method_source (0.8.2)
    mini_portile (0.6.2)
    nokogiri (1.6.6.2)
      mini_portile (~> 0.6.0)
    parallel (1.6.1)
    pry (0.10.3)
      coderay (~> 1.1.0)
      method_source (~> 0.8.1)
      slop (~> 3.4)
    pry-byebug (3.3.0)
      byebug (~> 8.0)
      pry (~> 0.10)
    rake (10.4.2)
    rubyzip (1.1.7)
    slop (3.6.0)
    thor (0.19.1)

PLATFORMS
  ruby

DEPENDENCIES
  ciika
  parallel
  pry
  pry-byebug
  rake
  rubyzip

BUNDLED WITH
   1.10.6
