GEM
  remote: https://rubygems.org/
  specs:
    bio-fastqc (0.6.0)
      json-ld (~> 1.99)
      rdf-turtle (~> 1.99)
      rubyzip (~> 1.1, >= 1.1.0)
      thor (~> 0.19.1)
    byebug (8.0.0)
    ciika (0.1.0)
      nokogiri
      thor
    coderay (1.1.0)
    ebnf (1.0.0)
      rdf (~> 1.1)
      sxp (~> 0.1, >= 0.1.3)
    json-ld (1.99.2)
      multi_json (~> 1.11)
      rdf (~> 1.99)
    link_header (0.0.8)
    method_source (0.8.2)
    mini_portile (0.6.2)
    multi_json (1.11.2)
    nokogiri (1.6.6.2)
      mini_portile (~> 0.6.0)
    parallel (1.6.1)
    pry (0.10.3)
      coderay (~> 1.1.0)
      method_source (~> 0.8.1)
      slop (~> 3.4)
    pry-byebug (3.3.0)
      byebug (~> 8.0)
      pry (~> 0.10)
    rake (10.4.2)
    rdf (1.99.1)
      link_header (~> 0.0, >= 0.0.8)
    rdf-turtle (1.99.0)
      ebnf (~> 1.0)
      rdf (~> 1.99)
    rubyzip (1.1.7)
    slop (3.6.0)
    sxp (0.1.5)
    thor (0.19.1)

PLATFORMS
  ruby

DEPENDENCIES
  bio-fastqc (= 0.6.0)
  ciika
  parallel
  pry
  pry-byebug
  rake
  rubyzip

BUNDLED WITH
   1.10.6
