GEM
  remote: https://rubygems.org/
  specs:
    bio-fastqc (0.9.1)
      json-ld (~> 1.99)
      rdf-turtle (~> 1.99)
      rubyzip (~> 1.1, >= 1.1.0)
      thor (~> 0.19.1)
    byebug (9.0.5)
    coderay (1.1.1)
    ebnf (1.0.0)
      rdf (~> 1.1)
      sxp (~> 0.1, >= 0.1.3)
    json-ld (1.99.2)
      multi_json (~> 1.11)
      rdf (~> 1.99)
    link_header (0.0.8)
    method_source (0.8.2)
    mini_portile2 (2.1.0)
    multi_json (1.12.1)
    nokogiri (1.6.8)
      mini_portile2 (~> 2.1.0)
      pkg-config (~> 1.1.7)
    parallel (1.9.0)
    pkg-config (1.1.7)
    pry (0.10.4)
      coderay (~> 1.1.0)
      method_source (~> 0.8.1)
      slop (~> 3.4)
    pry-byebug (3.4.0)
      byebug (~> 9.0)
      pry (~> 0.10)
    rake (11.2.2)
    rdf (1.99.1)
      link_header (~> 0.0, >= 0.0.8)
    rdf-turtle (1.99.0)
      ebnf (~> 1.0)
      rdf (~> 1.99)
    rubyzip (1.2.0)
    slop (3.6.0)
    sxp (0.1.5)
    thor (0.19.1)

PLATFORMS
  ruby

DEPENDENCIES
  bio-fastqc (= 0.9.1)
  nokogiri
  parallel
  pry
  pry-byebug
  rake
  rubyzip

BUNDLED WITH
   1.12.5
