GEM
  remote: https://rubygems.org/
  specs:
    bio-fastqc (0.10.2)
      json-ld (~> 1.99)
      rdf-turtle (~> 1.99)
      rubyzip (~> 1.1, >= 1.1.0)
      thor (~> 0.19.1)
    byebug (11.0.1)
    coderay (1.1.2)
    ebnf (1.0.0)
      rdf (~> 1.1)
      sxp (~> 0.1, >= 0.1.3)
    json-ld (1.99.2)
      multi_json (~> 1.11)
      rdf (~> 1.99)
    link_header (0.0.8)
    method_source (0.9.2)
    mini_portile2 (2.4.0)
    multi_json (1.14.1)
    nokogiri (1.10.4)
      mini_portile2 (~> 2.4.0)
    parallel (1.18.0)
    pry (0.12.2)
      coderay (~> 1.1.0)
      method_source (~> 0.9.0)
    pry-byebug (3.7.0)
      byebug (~> 11.0)
      pry (~> 0.10)
    rake (13.0.0)
    rdf (1.99.1)
      link_header (~> 0.0, >= 0.0.8)
    rdf-turtle (1.99.0)
      ebnf (~> 1.0)
      rdf (~> 1.99)
    rubyzip (1.3.0)
    sxp (0.1.5)
    thor (0.19.4)

PLATFORMS
  ruby

DEPENDENCIES
  bio-fastqc (= 0.10.2)
  nokogiri
  parallel
  pry
  pry-byebug
  rake
  rubyzip

BUNDLED WITH
   1.17.3
